GEM
  remote: https://rubygems.org/
  specs:
    gosu (0.7.48)
    hasu (0.0.10)
    opengl (0.8.0)
    ruby-prof (0.13.0)
    values (1.5.0)

PLATFORMS
  ruby

DEPENDENCIES
  gosu
  hasu
  opengl
  ruby-prof
  values
