GEM
  remote: https://rubygems.org/
  specs:
    dbg (0.0.1)
    gosu (0.7.48)
    hasu (0.0.10)
    opengl (0.8.0)
    perftools.rb (2.0.1)
    perlin (0.2.0)
    ruby-prof (0.13.0)
    values (1.5.0)

PLATFORMS
  ruby

DEPENDENCIES
  dbg
  gosu
  hasu
  opengl
  perftools.rb
  perlin
  ruby-prof
  values
